GEM
  remote: http://rubygems.org/
  specs:
    ansi (1.5.0)
    ast (2.4.0)
    backports (3.11.3)
    bson (4.3.0)
    ethon (0.11.0)
      ffi (>= 1.3.0)
    faraday (0.15.1)
      multipart-post (>= 1.2, < 3)
    ffi (1.9.23)
    mongo (2.5.3)
      bson (>= 4.3.0, < 5.0.0)
    multi_json (1.13.1)
    multipart-post (2.0.0)
    mustermann (1.0.2)
    oga (2.15)
      ast
      ruby-ll (~> 2.1)
    parallel (1.12.1)
    puma (3.11.4)
    rack (2.0.5)
    rack-protection (2.0.1)
      rack
    rake (12.3.1)
    ruby-ll (2.1.2)
      ansi
      ast
    sinatra (2.0.1)
      mustermann (~> 1.0)
      rack (~> 2.0)
      rack-protection (= 2.0.1)
      tilt (~> 2.0)
    sinatra-contrib (2.0.1)
      backports (>= 2.0)
      multi_json
      mustermann (~> 1.0)
      rack-protection (= 2.0.1)
      sinatra (= 2.0.1)
      tilt (>= 1.3, < 3)
    tilt (2.0.8)
    typhoeus (1.3.0)
      ethon (>= 0.9.0)

PLATFORMS
  ruby

DEPENDENCIES
  faraday (~> 0.15.1)
  mongo (~> 2.5, >= 2.5.3)
  multi_json (~> 1.13, >= 1.13.1)
  oga (~> 2.15)
  parallel (~> 1.12, >= 1.12.1)
  puma (~> 3.11, >= 3.11.4)
  rake (~> 12.3, >= 12.3.1)
  sinatra (~> 2.0.1)
  sinatra-contrib (~> 2.0, >= 2.0.1)
  typhoeus (~> 1.3)

RUBY VERSION
   ruby 2.5.0p0

BUNDLED WITH
   1.16.1
