GEM
  remote: http://rubygems.org/
  specs:
    backports (3.8.0)
    faraday (0.11.0)
      multipart-post (>= 1.2, < 3)
    kgio (2.11.0)
    multi_json (1.12.2)
    multipart-post (2.0.0)
    rack (1.6.8)
    rack-protection (1.5.3)
      rack
    rack-test (0.7.0)
      rack (>= 1.0, < 3)
    raindrops (0.19.0)
    rake (12.1.0)
    sinatra (1.4.8)
      rack (~> 1.5)
      rack-protection (~> 1.4)
      tilt (>= 1.3, < 3)
    sinatra-contrib (1.4.7)
      backports (>= 2.0)
      multi_json
      rack-protection
      rack-test
      sinatra (~> 1.4.0)
      tilt (>= 1.3, < 3)
    tilt (2.0.8)
    unicorn (5.3.0)
      kgio (~> 2.6)
      raindrops (~> 0.7)

PLATFORMS
  ruby

DEPENDENCIES
  faraday (~> 0.11.0)
  multi_json (~> 1.12, >= 1.12.2)
  rake (~> 12.1.0)
  sinatra (~> 1.4, >= 1.4.8)
  sinatra-contrib (~> 1.4, >= 1.4.7)
  unicorn (~> 5.2)

BUNDLED WITH
   1.15.3
