GEM
  remote: http://rubygems.org/
  specs:
    activesupport (5.1.4)
      concurrent-ruby (~> 1.0, >= 1.0.2)
      i18n (~> 0.7)
      minitest (~> 5.1)
      tzinfo (~> 1.1)
    ansi (1.5.0)
    ast (2.3.0)
    backports (3.8.0)
    bson (4.2.2)
    clockwork (2.0.2)
      activesupport
      tzinfo
    concurrent-ruby (1.0.5)
    connection_pool (2.2.1)
    faraday (0.11.0)
      multipart-post (>= 1.2, < 3)
    i18n (0.8.6)
    kgio (2.11.0)
    minitest (5.10.3)
    mongo (2.4.3)
      bson (>= 4.2.1, < 5.0.0)
    multi_json (1.12.2)
    multipart-post (2.0.0)
    mustermann (1.0.0)
    oga (2.11)
      ast
      ruby-ll (~> 2.1)
    rack (2.0.3)
    rack-protection (2.0.0)
      rack
    raindrops (0.19.0)
    rake (12.1.0)
    redis (3.3.3)
    ruby-ll (2.1.2)
      ansi
      ast
    sidekiq (5.0.4)
      concurrent-ruby (~> 1.0)
      connection_pool (~> 2.2, >= 2.2.0)
      rack-protection (>= 1.5.0)
      redis (~> 3.3, >= 3.3.3)
    sinatra (2.0.0)
      mustermann (~> 1.0)
      rack (~> 2.0)
      rack-protection (= 2.0.0)
      tilt (~> 2.0)
    sinatra-contrib (2.0.0)
      backports (>= 2.0)
      multi_json
      mustermann (~> 1.0)
      rack-protection (= 2.0.0)
      sinatra (= 2.0.0)
      tilt (>= 1.3, < 3)
    thread_safe (0.3.6)
    tilt (2.0.8)
    tzinfo (1.2.3)
      thread_safe (~> 0.1)
    unicorn (5.3.0)
      kgio (~> 2.6)
      raindrops (~> 0.7)

PLATFORMS
  ruby

DEPENDENCIES
  clockwork (~> 2.0, >= 2.0.2)
  faraday (~> 0.11.0)
  mongo (~> 2.4, >= 2.4.3)
  multi_json (~> 1.12, >= 1.12.2)
  oga (~> 2.11)
  rake (~> 12.1.0)
  redis (~> 3.3.3)
  sidekiq (~> 5.0, >= 5.0.4)
  sinatra (~> 2.0)
  sinatra-contrib (~> 2.0)
  unicorn (~> 5.3)

BUNDLED WITH
   1.15.3
