GEM
  remote: http://rubygems.org/
  specs:
    backports (3.8.0)
    bson (4.2.2)
    faraday (0.11.0)
      multipart-post (>= 1.2, < 3)
    kgio (2.11.0)
    mongo (2.4.3)
      bson (>= 4.2.1, < 5.0.0)
    multi_json (1.12.2)
    multipart-post (2.0.0)
    mustermann (1.0.0)
    rack (2.0.3)
    rack-protection (2.0.0)
      rack
    raindrops (0.19.0)
    rake (12.1.0)
    sinatra (2.0.0)
      mustermann (~> 1.0)
      rack (~> 2.0)
      rack-protection (= 2.0.0)
      tilt (~> 2.0)
    sinatra-contrib (2.0.0)
      backports (>= 2.0)
      multi_json
      mustermann (~> 1.0)
      rack-protection (= 2.0.0)
      sinatra (= 2.0.0)
      tilt (>= 1.3, < 3)
    tilt (2.0.8)
    unicorn (5.3.0)
      kgio (~> 2.6)
      raindrops (~> 0.7)

PLATFORMS
  ruby

DEPENDENCIES
  faraday (~> 0.11.0)
  mongo (~> 2.4, >= 2.4.3)
  multi_json (~> 1.12, >= 1.12.2)
  rake (~> 12.1.0)
  sinatra (~> 2.0)
  sinatra-contrib (~> 2.0)
  unicorn (~> 5.3)

BUNDLED WITH
   1.15.3
