GEM
  remote: http://rubygems.org/
  specs:
    backports (3.8.0)
    couchrest (2.0.1)
      httpclient (~> 2.8)
      mime-types (>= 1.15)
      multi_json (~> 1.7)
    faraday (0.11.0)
      multipart-post (>= 1.2, < 3)
    httpclient (2.8.3)
    kgio (2.11.0)
    mime-types (3.1)
      mime-types-data (~> 3.2015)
    mime-types-data (3.2016.0521)
    multi_json (1.12.2)
    multipart-post (2.0.0)
    mustermann (1.0.0)
    rack (2.0.3)
    rack-protection (2.0.0)
      rack
    raindrops (0.19.0)
    rake (12.1.0)
    sinatra (2.0.0)
      mustermann (~> 1.0)
      rack (~> 2.0)
      rack-protection (= 2.0.0)
      tilt (~> 2.0)
    sinatra-contrib (2.0.0)
      backports (>= 2.0)
      multi_json
      mustermann (~> 1.0)
      rack-protection (= 2.0.0)
      sinatra (= 2.0.0)
      tilt (>= 1.3, < 3)
    tilt (2.0.8)
    unicorn (5.3.0)
      kgio (~> 2.6)
      raindrops (~> 0.7)

PLATFORMS
  ruby

DEPENDENCIES
  couchrest (~> 2.0, >= 2.0.1)
  faraday (~> 0.11.0)
  multi_json (~> 1.12, >= 1.12.2)
  rake (~> 12.1.0)
  sinatra (~> 2.0)
  sinatra-contrib (~> 2.0)
  unicorn (~> 5.3)

BUNDLED WITH
   1.15.3
