GEM
  remote: http://rubygems.org/
  specs:
    activesupport (5.2.0)
      concurrent-ruby (~> 1.0, >= 1.0.2)
      i18n (>= 0.7, < 2)
      minitest (~> 5.1)
      tzinfo (~> 1.1)
    ansi (1.5.0)
    ast (2.4.0)
    backports (3.11.3)
    bson (4.3.0)
    concurrent-ruby (1.0.5)
    ethon (0.11.0)
      ffi (>= 1.3.0)
    faraday (0.15.2)
      multipart-post (>= 1.2, < 3)
    ffi (1.9.23)
    i18n (1.0.1)
      concurrent-ruby (~> 1.0)
    minitest (5.11.3)
    mongo (2.6.1)
      bson (>= 4.3.0, < 5.0.0)
    multi_json (1.13.1)
    multipart-post (2.0.0)
    mustermann (1.0.2)
    oga (2.15)
      ast
      ruby-ll (~> 2.1)
    parallel (1.12.1)
    puma (3.12.0)
    rack (2.0.5)
    rack-protection (2.0.3)
      rack
    rake (12.3.1)
    ruby-ll (2.1.2)
      ansi
      ast
    sinatra (2.0.3)
      mustermann (~> 1.0)
      rack (~> 2.0)
      rack-protection (= 2.0.3)
      tilt (~> 2.0)
    sinatra-contrib (2.0.3)
      activesupport (>= 4.0.0)
      backports (>= 2.8.2)
      multi_json
      mustermann (~> 1.0)
      rack-protection (= 2.0.3)
      sinatra (= 2.0.3)
      tilt (>= 1.3, < 3)
    thread_safe (0.3.6)
    tilt (2.0.8)
    typhoeus (1.3.0)
      ethon (>= 0.9.0)
    tzinfo (1.2.5)
      thread_safe (~> 0.1)

PLATFORMS
  ruby

DEPENDENCIES
  faraday (~> 0.15.2)
  mongo (~> 2.6, >= 2.6.1)
  multi_json (~> 1.13, >= 1.13.1)
  oga (~> 2.15)
  parallel (~> 1.12, >= 1.12.1)
  puma (~> 3.12)
  rake (~> 12.3, >= 12.3.1)
  sinatra (~> 2.0, >= 2.0.3)
  sinatra-contrib (~> 2.0, >= 2.0.3)
  typhoeus (~> 1.3)

RUBY VERSION
   ruby 2.5.1p57

BUNDLED WITH
   1.16.2
