GEM
  remote: http://rubygems.org/
  specs:
    ansi (1.5.0)
    ast (2.3.0)
    backports (3.11.3)
    bson (4.2.2)
    faraday (0.11.0)
      multipart-post (>= 1.2, < 3)
    mongo (2.4.3)
      bson (>= 4.2.1, < 5.0.0)
    multi_json (1.12.2)
    multipart-post (2.0.0)
    mustermann (1.0.2)
    oga (2.11)
      ast
      ruby-ll (~> 2.1)
    puma (3.11.4)
    rack (2.0.5)
    rack-protection (2.0.1)
      rack
    rake (12.1.0)
    ruby-ll (2.1.2)
      ansi
      ast
    sinatra (2.0.1)
      mustermann (~> 1.0)
      rack (~> 2.0)
      rack-protection (= 2.0.1)
      tilt (~> 2.0)
    sinatra-contrib (2.0.1)
      backports (>= 2.0)
      multi_json
      mustermann (~> 1.0)
      rack-protection (= 2.0.1)
      sinatra (= 2.0.1)
      tilt (>= 1.3, < 3)
    tilt (2.0.8)

PLATFORMS
  ruby

DEPENDENCIES
  faraday (~> 0.11.0)
  mongo (~> 2.4, >= 2.4.3)
  multi_json (~> 1.12, >= 1.12.2)
  oga (~> 2.11)
  puma (~> 3.11, >= 3.11.4)
  rake (~> 12.1.0)
  sinatra (~> 2.0.1)
  sinatra-contrib (~> 2.0, >= 2.0.1)

BUNDLED WITH
   1.16.1
